GIT
  remote: git://github.com/netguru/capistrano-docker.git
  revision: d0b067a866f2d8ea5c788244d7c2b5305c7cd238
  specs:
    capistrano-docker (0.2.8)
      capistrano (>= 3.3)

GEM
  remote: https://rubygems.org/
  specs:
    capistrano (3.4.0)
      i18n
      rake (>= 10.0.0)
      sshkit (~> 1.3)
    i18n (0.7.0)
    net-scp (1.2.1)
      net-ssh (>= 2.6.5)
    net-ssh (3.1.1)
    rake (11.1.2)
    sshkit (1.9.0)
      net-scp (>= 1.1.2)
      net-ssh (>= 2.8.0)

PLATFORMS
  ruby

DEPENDENCIES
  capistrano
  capistrano-docker!

BUNDLED WITH
   1.10.6
